GEM
  remote: https://rubygems.org/
  specs:
    gosu (1.2.0)

PLATFORMS
  x86_64-linux

DEPENDENCIES
  gosu

BUNDLED WITH
   2.2.16
